PATH
  remote: .
  specs:
    verkilo (0.1.5)
      thor (~> 0)

GEM
  remote: https://rubygems.org/
  specs:
    rake (12.3.3)
    thor (0.20.3)

PLATFORMS
  ruby

DEPENDENCIES
  bundler (~> 1.17)
  rake (~> 12.3.3, >= 12.3.3)
  verkilo!

BUNDLED WITH
   1.17.3
