PATH
  remote: .
  specs:
    verkilo (0.1.0)
      thor

GEM
  remote: https://rubygems.org/
  specs:
    rake (12.3.3)
    thor (1.0.1)

PLATFORMS
  ruby

DEPENDENCIES
  bundler (~> 1.17)
  rake (~> 12.3.3)
  verkilo!

BUNDLED WITH
   1.17.3
